PATH
  remote: .
  specs:
    packetfu (1.1.9)
      pcaprub (>= 0.9.2)

GEM
  remote: https://rubygems.org/
  specs:
    diff-lcs (1.2.4)
    json (1.8.0)
    pcaprub (0.11.3)
    rdoc (3.12.2)
      json (~> 1.4)
    rspec (2.14.1)
      rspec-core (~> 2.14.0)
      rspec-expectations (~> 2.14.0)
      rspec-mocks (~> 2.14.0)
    rspec-core (2.14.6)
    rspec-expectations (2.14.3)
      diff-lcs (>= 1.1.3, < 2.0)
    rspec-mocks (2.14.4)
    sdoc (0.3.20)
      json (>= 1.1.3)
      rdoc (~> 3.10)

PLATFORMS
  ruby

DEPENDENCIES
  packetfu!
  rspec (>= 2.6.2)
  sdoc (>= 0.2.0)
